GEM
  remote: https://rubygems.org/
  specs:
    base64 (0.1.1)
    concurrent-ruby (1.2.2)
    elastic-transport (8.3.0)
      faraday (< 3)
      multi_json
    elasticsearch (8.10.0)
      elastic-transport (~> 8)
      elasticsearch-api (= 8.10.0)
    elasticsearch-api (8.10.0)
      multi_json
    faker (3.2.1)
      i18n (>= 1.8.11, < 2)
    faraday (2.7.11)
      base64
      faraday-net_http (>= 2.0, < 3.1)
      ruby2_keywords (>= 0.0.4)
    faraday-net_http (3.0.2)
    ffi (1.16.3)
    hashie (5.0.0)
    i18n (1.14.1)
      concurrent-ruby (~> 1.0)
    listen (3.8.0)
      rb-fsevent (~> 0.10, >= 0.10.3)
      rb-inotify (~> 0.9, >= 0.9.10)
    multi_json (1.15.0)
    mustermann (3.0.0)
      ruby2_keywords (~> 0.0.1)
    nio4r (2.5.9)
    puma (6.4.0)
      nio4r (~> 2.0)
    rack (2.2.8)
    rack-protection (3.1.0)
      rack (~> 2.2, >= 2.2.4)
    rb-fsevent (0.11.2)
    rb-inotify (0.10.1)
      ffi (~> 1.0)
    rerun (0.14.0)
      listen (~> 3.0)
    ruby2_keywords (0.0.5)
    sinatra (3.1.0)
      mustermann (~> 3.0)
      rack (~> 2.2, >= 2.2.4)
      rack-protection (= 3.1.0)
      tilt (~> 2.0)
    tilt (2.3.0)

PLATFORMS
  aarch64-linux
  arm64-darwin-22

DEPENDENCIES
  elasticsearch
  faker
  hashie
  puma
  rerun
  sinatra

RUBY VERSION
   ruby 3.2.2p53

BUNDLED WITH
   2.4.12
